GEM
  remote: https://rubygems.org/
  specs:
    activesupport (3.2.14)
      i18n (~> 0.6, >= 0.6.4)
      multi_json (~> 1.0)
    allowance (0.2.0)
    haml (4.0.3)
      tilt
    happy (0.1.0)
      activesupport (~> 3.1)
      allowance (>= 0.1.1)
      rack (~> 1.4)
      tilt (~> 1.3)
    i18n (0.6.5)
    multi_json (1.8.0)
    rack (1.5.2)
    sass (3.2.10)
    tilt (1.4.1)

PLATFORMS
  ruby

DEPENDENCIES
  haml
  happy
  rack
  sass
